PATH
  remote: .
  specs:
    alchemist (0.1.4)

GEM
  remote: https://rubygems.org/
  specs:
    coderay (1.0.8)
    method_source (0.8.1)
    pry (0.9.12)
      coderay (~> 1.0.5)
      method_source (~> 0.8)
      slop (~> 3.4)
    rake (10.0.3)
    slop (3.4.3)

PLATFORMS
  ruby

DEPENDENCIES
  alchemist!
  pry
  rake
